GIT
  remote: git://github.com/hone/syslog-parser.git
  revision: 8282fa7a5a7eb29cd31c49b130989203df695561
  branch: jruby
  specs:
    syslog-parser (0.1.0)
      parslet

GEM
  remote: https://rubygems.org/
  specs:
    axiom-types (0.1.1)
      descendants_tracker (~> 0.0.4)
      ice_nine (~> 0.11.0)
      thread_safe (~> 0.3, >= 0.3.1)
    blankslate (3.1.3)
    coercible (1.0.0)
      descendants_tracker (~> 0.0.1)
    connection_pool (2.2.0)
    descendants_tracker (0.0.4)
      thread_safe (~> 0.3, >= 0.3.1)
    diff-lcs (1.2.5)
    equalizer (0.0.11)
    ice_nine (0.11.2)
    jar-dependencies (0.3.2)
    jbundler (0.9.2)
      bundler (~> 1.5)
      jar-dependencies (~> 0.2)
      maven-tools (~> 1.0.10)
      ruby-maven (~> 3.3, >= 3.3.3)
    maven-tools (1.0.13)
      virtus (~> 1.0)
    parslet (1.7.1)
      blankslate (>= 2.0, <= 4.0)
    redis (3.3.0)
    rspec (3.4.0)
      rspec-core (~> 3.4.0)
      rspec-expectations (~> 3.4.0)
      rspec-mocks (~> 3.4.0)
    rspec-core (3.4.4)
      rspec-support (~> 3.4.0)
    rspec-expectations (3.4.0)
      diff-lcs (>= 1.2.0, < 2.0)
      rspec-support (~> 3.4.0)
    rspec-mocks (3.4.1)
      diff-lcs (>= 1.2.0, < 2.0)
      rspec-support (~> 3.4.0)
    rspec-support (3.4.1)
    ruby-kafka (0.3.4)
    ruby-maven (3.3.10)
      ruby-maven-libs (~> 3.3.1)
    ruby-maven-libs (3.3.3)
    syslog-stream (0.1.0)
      syslog-parser
    thread_safe (0.3.5-java)
    virtus (1.0.5)
      axiom-types (~> 0.1)
      coercible (~> 1.0)
      descendants_tracker (~> 0.0, >= 0.0.3)
      equalizer (~> 0.0, >= 0.0.9)

PLATFORMS
  java

DEPENDENCIES
  connection_pool
  jbundler (= 0.9.2)
  redis
  rspec
  ruby-kafka
  syslog-parser!
  syslog-stream

BUNDLED WITH
   1.11.2
